GENERATE-LOAD-SCRIPTS: ON
STORAGE: PACKAGES
RESTRICTION: == net7.0
NUGET
  remote: https://api.nuget.org/v3/index.json
    FSharp.Compiler.Service (43.8.100)
      FSharp.Core (8.0.100)
      System.Buffers (>= 4.5.1)
      System.Collections.Immutable (>= 7.0)
      System.Diagnostics.DiagnosticSource (>= 7.0.2)
      System.Memory (>= 4.5.5)
      System.Reflection.Emit (>= 4.7)
      System.Reflection.Metadata (>= 7.0)
      System.Runtime.CompilerServices.Unsafe (>= 6.0)
    FSharp.Core (8.0.100)
    FSharp.Formatting (20.0.1)
      FSharp.Compiler.Service (43.8.100)
      FSharp.Core (8.0.100)
    Suave (2.6.2)
      FSharp.Core
    System.Buffers (4.6.1)
    System.Collections.Immutable (9.0.5)
      System.Memory (>= 4.5.5)
      System.Runtime.CompilerServices.Unsafe (>= 6.0)
    System.Diagnostics.DiagnosticSource (9.0.5)
      System.Memory (>= 4.5.5)
      System.Runtime.CompilerServices.Unsafe (>= 6.0)
    System.Memory (4.6.3)
    System.Reflection.Emit (4.7)
    System.Reflection.Metadata (9.0.5)
      System.Collections.Immutable (>= 9.0.5)
      System.Memory (>= 4.5.5)
    System.Runtime.CompilerServices.Unsafe (6.1.2)
